GIT
  remote: git://github.com/collectiveidea/delayed_job.git
  revision: 4513aeea6f6a182a4bb2eff5dfd3f998a23da5ff
  branch: master
  specs:
    delayed_job (2.1.4)
      activesupport (~> 3.0)
      daemons

GIT
  remote: git://github.com/freelancing-god/thinking-sphinx.git
  revision: ccc0719048fe6136064e627a61ee4da400cceba6
  branch: rails3
  specs:
    thinking-sphinx (2.0.2)
      activerecord (>= 3.0.3)
      riddle (>= 1.2.2)

GIT
  remote: git://github.com/galetahub/rails-ckeditor.git
  revision: 9cacf3f9f3f987d1dffbde89eeb03ab6fdc999c5
  branch: rails3
  specs:
    ckeditor (3.5.0)
      mime-types (>= 1.16)

GIT
  remote: git://github.com/hlxwell/mail-engine.git
  revision: 4186db332dbc5654b504398d9d258616604ab102
  specs:
    mail_engine (0.1.3)
      activesupport (>= 3.0.0)
      carrierwave
      deep_cloneable
      httparty
      kaminari
      liquid
      nokogiri
      rack
      sqlite3-ruby

GIT
  remote: git://github.com/hlxwell/new_data_notifier.git
  revision: 6775ed9aaa0828c44c82a9e9930f8d42cd372ff9
  specs:
    new_data_notifier (0.0.3)

GIT
  remote: git://github.com/rails/exception_notification.git
  revision: 192a49a02d63d28b23ed41cebadfedd490929cf1
  branch: master
  specs:
    exception_notification (1.0.0)

GEM
  remote: http://rubygems.org/
  remote: http://gems.github.com/
  remote: http://gemcutter.org/
  specs:
    abstract (1.0.0)
    actionmailer (3.0.4)
      actionpack (= 3.0.4)
      mail (~> 2.2.15)
    actionpack (3.0.4)
      activemodel (= 3.0.4)
      activesupport (= 3.0.4)
      builder (~> 2.1.2)
      erubis (~> 2.6.6)
      i18n (~> 0.4)
      rack (~> 1.2.1)
      rack-mount (~> 0.6.13)
      rack-test (~> 0.5.7)
      tzinfo (~> 0.3.23)
    activemodel (3.0.4)
      activesupport (= 3.0.4)
      builder (~> 2.1.2)
      i18n (~> 0.4)
    activerecord (3.0.4)
      activemodel (= 3.0.4)
      activesupport (= 3.0.4)
      arel (~> 2.0.2)
      tzinfo (~> 0.3.23)
    activeresource (3.0.4)
      activemodel (= 3.0.4)
      activesupport (= 3.0.4)
    activesupport (3.0.4)
    acts-as-taggable-on (2.0.6)
    annotate-models (1.0.4)
    arel (2.0.9)
    astrails-safe (0.2.7)
      aws-s3
      cloudfiles
      net-sftp
    awesome_print (0.3.2)
    aws-s3 (0.6.2)
      builder
      mime-types
      xml-simple
    blankslate (2.1.2.3)
    bluepill (0.0.44)
      activesupport (>= 2.3.4)
      blankslate (>= 2.1.2.2)
      daemons (>= 1.0.9)
      state_machine (>= 0.8.0)
    builder (2.1.2)
    cancan (1.5.1)
    capistrano (2.5.19)
      highline
      net-scp (>= 1.0.0)
      net-sftp (>= 2.0.0)
      net-ssh (>= 2.0.14)
      net-ssh-gateway (>= 1.0.0)
    capistrano-ext (1.2.1)
      capistrano (>= 1.0.0)
    carrierwave (0.5.2)
      activesupport (~> 3.0)
    chinese_permalink (1.1.3)
      sishen-rtranslate
    cloudfiles (1.4.14)
      mime-types (>= 1.16)
    crack (0.1.8)
    daemons (1.1.0)
    deep_cloneable (1.2.3)
    enumerate_it (0.7.3)
    erubis (2.6.6)
      abstract (>= 1.0.0)
    factory_girl (1.3.3)
    fakeweb (1.3.0)
    fastercsv (1.5.4)
    has_scope (0.5.0)
    highline (1.6.1)
    httparty (0.7.4)
      crack (= 0.1.8)
    i18n (0.5.0)
    inherited_resources (1.1.2)
      has_scope (~> 0.5.0)
      responders (~> 0.6.0)
    json (1.5.1)
    kaminari (0.10.4)
      rails (>= 3.0.0)
    liquid (2.2.2)
    looksee (0.2.1)
    mail (2.2.15)
      activesupport (>= 2.3.6)
      i18n (>= 0.4.0)
      mime-types (~> 1.16)
      treetop (~> 1.4.8)
    mail_safe (0.3.1)
      actionmailer (>= 1.3.6)
    mime-types (1.16)
    mocha (0.9.12)
    mysql (2.8.1)
    navigasmic (0.5.5)
    net-scp (1.0.4)
      net-ssh (>= 1.99.1)
    net-sftp (2.0.5)
      net-ssh (>= 2.0.9)
    net-ssh (2.1.3)
    net-ssh-gateway (1.0.1)
      net-ssh (>= 1.99.1)
    newrelic_rpm (2.13.4)
    nifty-generators (0.4.5)
    nokogiri (1.4.4)
    paperclip (2.3.8)
      activerecord
      activesupport
    polyglot (0.3.1)
    rack (1.2.1)
    rack-mount (0.6.13)
      rack (>= 1.0.0)
    rack-test (0.5.7)
      rack (>= 1.0)
    rails (3.0.4)
      actionmailer (= 3.0.4)
      actionpack (= 3.0.4)
      activerecord (= 3.0.4)
      activeresource (= 3.0.4)
      activesupport (= 3.0.4)
      bundler (~> 1.0)
      railties (= 3.0.4)
    rails3-generators (0.17.4)
      railties (>= 3.0.0)
    railties (3.0.4)
      actionpack (= 3.0.4)
      activesupport (= 3.0.4)
      rake (>= 0.8.7)
      thor (~> 0.14.4)
    rake (0.8.7)
    responders (0.6.2)
    riddle (1.2.2)
    ruby-graphviz (0.9.20)
    shoulda (2.11.3)
    sishen-rtranslate (1.5)
      activesupport (>= 2.2.0)
      json (>= 1.1.3)
    sitemap_generator (1.3.9)
    sqlite3 (1.3.3)
    sqlite3-ruby (1.3.3)
      sqlite3 (>= 1.3.3)
    state_machine (0.9.4)
    test_benchmarker (1.2.1)
    thor (0.14.6)
    timecop (0.3.5)
    treetop (1.4.9)
      polyglot (>= 0.3.1)
    tzinfo (0.3.24)
    will_paginate (3.0.pre2)
    xml-simple (1.0.14)

PLATFORMS
  ruby

DEPENDENCIES
  acts-as-taggable-on
  annotate-models
  astrails-safe
  awesome_print
  bluepill
  cancan
  capistrano
  capistrano-ext
  chinese_permalink
  ckeditor!
  daemons
  delayed_job!
  enumerate_it
  exception_notification!
  factory_girl
  fakeweb
  fastercsv
  inherited_resources (= 1.1.2)
  looksee
  mail_engine!
  mail_safe
  mocha
  mysql
  navigasmic
  new_data_notifier!
  newrelic_rpm
  nifty-generators
  nokogiri
  paperclip
  rack-test
  rails (= 3.0.4)
  rails3-generators
  ruby-graphviz
  shoulda
  sitemap_generator
  state_machine
  test_benchmarker
  thinking-sphinx!
  timecop
  will_paginate (~> 3.0.pre2)
