GIT
  remote: git://github.com/collectiveidea/delayed_job.git
  revision: aba9905764c2a13a110a272137d1ad9798fd55e0
  branch: master
  specs:
    delayed_job (2.1.0.pre2)
      activesupport (~> 3.0)
      daemons

GIT
  remote: git://github.com/freelancing-god/thinking-sphinx.git
  revision: 108a1fce2623f392152aa1bc5e5866890556f31d
  branch: rails3
  specs:
    thinking-sphinx (2.0.0.rc2)
      activerecord (>= 3.0.0)
      riddle (>= 1.0.12)

GIT
  remote: git://github.com/galetahub/rails-ckeditor.git
  revision: 3ccf81326faea6248b01bf863137a7cc4ad9e819
  branch: rails3
  specs:
    ckeditor (3.4.2.pre)
      mime-types (>= 1.16)

GIT
  remote: git://github.com/hlxwell/new_data_notifier.git
  revision: 3f1633e3888093bf72bf9b02b3ba784840aa4a9f
  specs:
    new_data_notifier (0.0.2)

GIT
  remote: git://github.com/rails/exception_notification.git
  revision: 192a49a02d63d28b23ed41cebadfedd490929cf1
  branch: master
  specs:
    exception_notification (1.0.0)

GEM
  remote: http://rubygems.org/
  remote: http://gems.github.com/
  remote: http://gemcutter.org/
  specs:
    abstract (1.0.0)
    actionmailer (3.0.0)
      actionpack (= 3.0.0)
      mail (~> 2.2.5)
    actionpack (3.0.0)
      activemodel (= 3.0.0)
      activesupport (= 3.0.0)
      builder (~> 2.1.2)
      erubis (~> 2.6.6)
      i18n (~> 0.4.1)
      rack (~> 1.2.1)
      rack-mount (~> 0.6.12)
      rack-test (~> 0.5.4)
      tzinfo (~> 0.3.23)
    activemodel (3.0.0)
      activesupport (= 3.0.0)
      builder (~> 2.1.2)
      i18n (~> 0.4.1)
    activerecord (3.0.0)
      activemodel (= 3.0.0)
      activesupport (= 3.0.0)
      arel (~> 1.0.0)
      tzinfo (~> 0.3.23)
    activeresource (3.0.0)
      activemodel (= 3.0.0)
      activesupport (= 3.0.0)
    activesupport (3.0.0)
    acts-as-taggable-on (2.0.6)
    annotate-models (1.0.4)
    arel (1.0.1)
      activesupport (~> 3.0.0)
    astrails-safe (0.2.7)
      aws-s3
      cloudfiles
      net-sftp
    awesome_print (0.2.1)
    aws-s3 (0.6.2)
      builder
      mime-types
      xml-simple
    blankslate (2.1.2.3)
    bluepill (0.0.44)
      activesupport (>= 2.3.4)
      blankslate (>= 2.1.2.2)
      daemons (>= 1.0.9)
      state_machine (>= 0.8.0)
    builder (2.1.2)
    cancan (1.4.0)
    capistrano (2.5.19)
      highline
      net-scp (>= 1.0.0)
      net-sftp (>= 2.0.0)
      net-ssh (>= 2.0.14)
      net-ssh-gateway (>= 1.0.0)
    capistrano-ext (1.2.1)
      capistrano (>= 1.0.0)
    chinese_permalink (1.1.3)
      sishen-rtranslate
    cloudfiles (1.4.10)
      mime-types (>= 1.16)
    daemons (1.1.0)
    enumerate_it (0.6.0)
    erubis (2.6.6)
      abstract (>= 1.0.0)
    factory_girl (1.3.2)
    fakeweb (1.3.0)
    fastercsv (1.5.3)
    has_scope (0.5.0)
    highline (1.6.1)
    i18n (0.4.2)
    inherited_resources (1.1.2)
      has_scope (~> 0.5.0)
      responders (~> 0.6.0)
    json (1.4.6)
    looksee (0.2.1)
    mail (2.2.9)
      activesupport (>= 2.3.6)
      i18n (~> 0.4.1)
      mime-types (~> 1.16)
      treetop (~> 1.4.8)
    mail_safe (0.3.1)
      actionmailer (>= 1.3.6)
    mime-types (1.16)
    mocha (0.9.9)
      rake
    mysql (2.8.1)
    navigasmic (0.4.1)
    net-scp (1.0.4)
      net-ssh (>= 1.99.1)
    net-sftp (2.0.5)
      net-ssh (>= 2.0.9)
    net-ssh (2.0.23)
    net-ssh-gateway (1.0.1)
      net-ssh (>= 1.99.1)
    nifty-generators (0.4.2)
    nokogiri (1.4.4)
    paperclip (2.3.3)
      activerecord
      activesupport
    polyglot (0.3.1)
    rack (1.2.1)
    rack-mount (0.6.13)
      rack (>= 1.0.0)
    rack-test (0.5.6)
      rack (>= 1.0)
    rails (3.0.0)
      actionmailer (= 3.0.0)
      actionpack (= 3.0.0)
      activerecord (= 3.0.0)
      activeresource (= 3.0.0)
      activesupport (= 3.0.0)
      bundler (~> 1.0.0)
      railties (= 3.0.0)
    rails3-generators (0.14.0)
    railties (3.0.0)
      actionpack (= 3.0.0)
      activesupport (= 3.0.0)
      rake (>= 0.8.4)
      thor (~> 0.14.0)
    rake (0.8.7)
    responders (0.6.2)
    riddle (1.1.0)
    ruby-graphviz (0.9.18)
    shoulda (2.11.3)
    sishen-rtranslate (1.4)
      activesupport (>= 2.2.0)
      json (>= 1.1.3)
    sitemap_generator (1.2.3)
    state_machine (0.9.4)
    test_benchmarker (1.2.1)
    thor (0.14.3)
    timecop (0.3.5)
    treetop (1.4.8)
      polyglot (>= 0.3.1)
    tzinfo (0.3.23)
    will_paginate (3.0.pre2)
    xml-simple (1.0.12)

PLATFORMS
  ruby

DEPENDENCIES
  acts-as-taggable-on
  annotate-models
  astrails-safe
  awesome_print
  bluepill
  cancan
  capistrano
  capistrano-ext
  chinese_permalink
  ckeditor!
  daemons
  delayed_job!
  enumerate_it
  exception_notification!
  factory_girl
  fakeweb
  fastercsv
  inherited_resources (= 1.1.2)
  looksee
  mail_safe
  mocha
  mysql
  navigasmic
  new_data_notifier!
  nifty-generators
  nokogiri
  paperclip
  rack-test
  rails (= 3.0.0)
  rails3-generators
  ruby-graphviz
  shoulda
  sitemap_generator
  state_machine
  test_benchmarker
  thinking-sphinx!
  timecop
  will_paginate (~> 3.0.pre2)
